GEM
  remote: https://rubygems.org/
  specs:
    imgkit (1.4.1)
    mini_portile (0.6.0)
    nokogiri (1.6.3.1)
      mini_portile (= 0.6.0)
    rmagick (2.13.3)
    stringex (2.5.2)

PLATFORMS
  ruby

DEPENDENCIES
  imgkit
  nokogiri
  rmagick
  stringex
