GEM
  remote: https://rubygems.org/
  specs:
    rmagick (2.13.3)
    stringex (2.5.2)

PLATFORMS
  ruby

DEPENDENCIES
  rmagick
  stringex
