GEM
  remote: https://rubygems.org/
  specs:
    rmagick (2.13.3)

PLATFORMS
  ruby

DEPENDENCIES
  rmagick
